GEM
  remote: https://rubygems.org/
  specs:
    actionmailer (4.2.11)
      actionpack (= 4.2.11)
      actionview (= 4.2.11)
      activejob (= 4.2.11)
      mail (~> 2.5, >= 2.5.4)
      rails-dom-testing (~> 1.0, >= 1.0.5)
    actionpack (4.2.11)
      actionview (= 4.2.11)
      activesupport (= 4.2.11)
      rack (~> 1.6)
      rack-test (~> 0.6.2)
      rails-dom-testing (~> 1.0, >= 1.0.5)
      rails-html-sanitizer (~> 1.0, >= 1.0.2)
    actionpack-action_caching (1.2.1)
      actionpack (>= 4.0.0)
    actionpack-page_caching (1.1.1)
      actionpack (>= 4.0.0, < 6)
    actionview (4.2.11)
      activesupport (= 4.2.11)
      builder (~> 3.1)
      erubis (~> 2.7.0)
      rails-dom-testing (~> 1.0, >= 1.0.5)
      rails-html-sanitizer (~> 1.0, >= 1.0.3)
    activejob (4.2.11)
      activesupport (= 4.2.11)
      globalid (>= 0.3.0)
    activemodel (4.2.11)
      activesupport (= 4.2.11)
      builder (~> 3.1)
    activerecord (4.2.11)
      activemodel (= 4.2.11)
      activesupport (= 4.2.11)
      arel (~> 6.0)
    activerecord-import (1.0.4)
      activerecord (>= 3.2)
    activesupport (4.2.11)
      i18n (~> 0.7)
      minitest (~> 5.1)
      thread_safe (~> 0.3, >= 0.3.4)
      tzinfo (~> 1.1)
    acts_as_tree_rails3 (0.1.0)
    arel (6.0.4)
    audited (4.9.0)
      activerecord (>= 4.2, < 6.1)
    awesome_print (1.8.0)
    browserlog (0.0.2)
      jquery-rails (~> 3)
      rails (>= 3.2.18)
    builder (3.2.4)
    cacheable_flash (1.0.0)
      json
      stackable_flash (>= 0.0.7)
    coffee-rails (4.2.2)
      coffee-script (>= 2.2.0)
      railties (>= 4.0.0)
    coffee-script (2.4.1)
      coffee-script-source
      execjs
    coffee-script-source (1.12.2)
    concurrent-ruby (1.1.5)
    crass (1.0.6)
    dalli (2.7.10)
    dynamic_form (1.1.4)
    erubis (2.7.0)
    execjs (2.7.0)
    fastercsv (1.5.5)
    globalid (0.4.2)
      activesupport (>= 4.2.0)
    i18n (0.9.5)
      concurrent-ruby (~> 1.0)
    iconv (1.0.8)
    innertube (1.1.0)
    joiner (0.3.4)
      activerecord (>= 4.1.0)
    jquery-rails (3.1.5)
      railties (>= 3.0, < 5.0)
      thor (>= 0.14, < 2.0)
    json (2.3.0)
    libv8 (3.16.14.19)
    loofah (2.4.0)
      crass (~> 1.0.2)
      nokogiri (>= 1.5.9)
    mail (2.7.1)
      mini_mime (>= 0.1.1)
    middleware (0.1.0)
    mini_mime (1.0.2)
    mini_portile2 (2.3.0)
    minitest (5.14.0)
    mysql2 (0.3.21)
    newrelic_rpm (6.8.0.360)
    nokogiri (1.8.5)
      mini_portile2 (~> 2.3.0)
    pdfkit (0.8.7)
    protected_attributes (1.1.4)
      activemodel (>= 4.0.1, < 5.0)
    rack (1.6.12)
    rack-cors (1.0.5)
      rack (>= 1.6.0)
    rack-test (0.6.3)
      rack (>= 1.0)
    rails (4.2.11)
      actionmailer (= 4.2.11)
      actionpack (= 4.2.11)
      actionview (= 4.2.11)
      activejob (= 4.2.11)
      activemodel (= 4.2.11)
      activerecord (= 4.2.11)
      activesupport (= 4.2.11)
      bundler (>= 1.3.0, < 2.0)
      railties (= 4.2.11)
      sprockets-rails
    rails-deprecated_sanitizer (1.0.3)
      activesupport (>= 4.2.0.alpha)
    rails-dom-testing (1.0.9)
      activesupport (>= 4.2.0, < 5.0)
      nokogiri (~> 1.6)
      rails-deprecated_sanitizer (>= 1.0.1)
    rails-html-sanitizer (1.3.0)
      loofah (~> 2.3)
    rails-observers (0.1.5)
      activemodel (>= 4.0)
    railties (4.2.11)
      actionpack (= 4.2.11)
      activesupport (= 4.2.11)
      rake (>= 0.8.7)
      thor (>= 0.18.1, < 2.0)
    rake (13.0.1)
    rdoc (6.2.0)
    ref (2.0.0)
    riddle (2.4.1)
    sdoc (1.0.0)
      rdoc (>= 5.0)
    sprockets (3.5.2)
      concurrent-ruby (~> 1.0)
      rack (> 1, < 3)
    sprockets-rails (3.2.1)
      actionpack (>= 4.0)
      activesupport (>= 4.0)
      sprockets (>= 3.0.0)
    sqlite3 (1.4.2)
    stackable_flash (0.1.1)
    therubyracer (0.12.3)
      libv8 (~> 3.16.14.15)
      ref
    thinking-sphinx (3.1.4)
      activerecord (>= 3.1.0)
      builder (>= 2.1.2)
      innertube (>= 1.0.2)
      joiner (>= 0.2.0)
      middleware (>= 0.1.0)
      riddle (>= 1.5.11)
    thor (1.0.1)
    thread_safe (0.3.6)
    tinymce-rails (5.1.5)
      railties (>= 3.1.1)
    tzinfo (1.2.6)
      thread_safe (~> 0.1)
    tzinfo-data (1.2019.3)
      tzinfo (>= 1.0.0)
    uglifier (2.7.2)
      execjs (>= 0.3.0)
      json (>= 1.8.0)
    will_paginate (3.1.8)
    wkhtmltopdf-binary (0.12.5.1)
    writeexcel (1.0.5)

PLATFORMS
  ruby

DEPENDENCIES
  actionpack-action_caching
  actionpack-page_caching
  activerecord-import
  acts_as_tree_rails3
  audited (~> 4.7)
  awesome_print
  browserlog (~> 0.0.2)
  cacheable_flash
  coffee-rails (~> 4.2.0)
  dalli
  dynamic_form
  fastercsv
  i18n
  iconv
  innertube
  joiner (~> 0.3.4)
  jquery-rails
  mysql2 (~> 0.3.18)
  newrelic_rpm
  nokogiri (= 1.8.5)
  pdfkit
  protected_attributes
  rack-cors (= 1.0.5)
  rails (= 4.2.11)
  rails-observers
  rake
  rdoc (= 6.2.0)
  sdoc
  sprockets (= 3.5.2)
  sqlite3
  therubyracer
  thinking-sphinx (= 3.1.4)
  tinymce-rails
  tzinfo-data
  uglifier (~> 2.7.2)
  will_paginate (~> 3.1.5)
  wkhtmltopdf-binary
  writeexcel

BUNDLED WITH
   1.16.6
